GIT
  remote: git://github.com/echen/table_helper.git
  revision: a756e56774e0a3a6182cdfc6773a86fd98d0b704
  specs:
    table_helper (0.2.2)

GIT
  remote: git://github.com/mconf/attachment_fu.git
  revision: 828ea99a2b6f101f63b5faac7068d2b4ad731e56
  specs:
    attachment_fu (1.0.3)
      aws-s3

GIT
  remote: git://github.com/mconf/bigbluebutton-api-ruby.git
  revision: f1a0546b223360e8cc65349d5ebe0d446b4dfad0
  specs:
    bigbluebutton-api-ruby (1.2.0)
      xml-simple (>= 1.1.1)

GIT
  remote: git://github.com/mconf/bigbluebutton_rails.git
  revision: cf631e21f5dd39aab807dd62b4867d628816b65a
  specs:
    bigbluebutton_rails (1.3.0.beta1)
      bigbluebutton-api-ruby (~> 1.2.0)
      rails (>= 3.0.0)

GIT
  remote: git://github.com/mconf/permalink_fu.git
  revision: 7389246e5329a0ea6accb5f7c2ba5764623f9e8f
  specs:
    teambox-permalink_fu (1.0.1)

GIT
  remote: git://github.com/mconf/translate.git
  revision: 66f8c7d16696b4b217cb91b4dc3c0e326340b2d3
  specs:
    translate-rails3 (0.1.1)
      ya2yaml (~> 0.30)

GIT
  remote: git://github.com/rmagick/rmagick.git
  revision: 4c3d6450483c3e761a1d3f9967b43c0a46d4763f
  specs:
    rmagick (0.0.0)

GEM
  remote: http://rubygems.org/
  specs:
    abstract (1.0.0)
    action_mailer_tls (1.1.3)
    actionmailer (3.0.20)
      actionpack (= 3.0.20)
      mail (~> 2.2.19)
    actionpack (3.0.20)
      activemodel (= 3.0.20)
      activesupport (= 3.0.20)
      builder (~> 2.1.2)
      erubis (~> 2.6.6)
      i18n (~> 0.5.0)
      rack (~> 1.2.5)
      rack-mount (~> 0.6.14)
      rack-test (~> 0.5.7)
      tzinfo (~> 0.3.23)
    activemodel (3.0.20)
      activesupport (= 3.0.20)
      builder (~> 2.1.2)
      i18n (~> 0.5.0)
    activerecord (3.0.20)
      activemodel (= 3.0.20)
      activesupport (= 3.0.20)
      arel (~> 2.0.10)
      tzinfo (~> 0.3.23)
    activeresource (3.0.20)
      activemodel (= 3.0.20)
      activesupport (= 3.0.20)
    activesupport (3.0.20)
    arel (2.0.10)
    atom-tools (2.0.5)
    aws-s3 (0.6.2)
      builder
      mime-types
      xml-simple
    builder (2.1.2)
    chronic (0.9.1)
    ci_reporter (1.6.4)
      builder (>= 2.1.2)
    configatron (2.10.0)
      yamler (>= 0.1.0)
    crack (0.1.8)
    daemon_controller (0.2.6)
    daemons (1.1.4)
    delayed_job (2.1.4)
      activesupport (~> 3.0)
      daemons
    diff-lcs (1.1.2)
    dynamic_form (1.1.4)
    erubis (2.6.6)
      abstract (>= 1.0.0)
    exception_notification (2.4.1)
    factory_girl (1.3.3)
    fastthread (1.0.7)
    fckeditor (0.1.0)
    feed-normalizer (1.5.2)
      hpricot (>= 0.6)
      simple-rss (>= 1.1)
    ffaker (1.8.0)
    fuubar (0.0.5)
      rspec (~> 2.0)
      rspec-instafail (~> 0.1.4)
      ruby-progressbar (~> 0.0.10)
    garb (0.9.1)
      activesupport (>= 2.2.0)
      crack (>= 0.1.6)
    god (0.12.1)
    hoe (2.9.4)
      rake (>= 0.8.7)
    hpricot (0.8.4)
    htmlentities (4.3.0)
    httparty (0.7.7)
      crack (= 0.1.8)
    i18n (0.5.0)
    jquery-rails (1.0.9)
      railties (~> 3.0)
      thor (~> 0.14)
    json (1.7.7)
    mail (2.2.19)
      activesupport (>= 2.3.6)
      i18n (>= 0.4.0)
      mime-types (~> 1.16)
      treetop (~> 1.4.8)
    mime-types (1.21)
    mysql2 (0.2.7)
    nokogiri (1.4.1)
    passenger (3.0.11)
      daemon_controller (>= 0.2.5)
      fastthread (>= 1.0.1)
      rack
      rake (>= 0.8.1)
    polyglot (0.3.3)
    populator (1.0.0)
    prism (0.1.0)
      nokogiri
    rack (1.2.8)
    rack-mount (0.6.14)
      rack (>= 1.0.0)
    rack-test (0.5.7)
      rack (>= 1.0)
    rails (3.0.20)
      actionmailer (= 3.0.20)
      actionpack (= 3.0.20)
      activerecord (= 3.0.20)
      activeresource (= 3.0.20)
      activesupport (= 3.0.20)
      bundler (~> 1.0)
      railties (= 3.0.20)
    rails-footnotes (3.7.9)
      rails (>= 3.0.0)
    railties (3.0.20)
      actionpack (= 3.0.20)
      activesupport (= 3.0.20)
      rake (>= 0.8.7)
      rdoc (~> 3.4)
      thor (~> 0.14.4)
    rake (0.8.7)
    rcov (0.9.9)
    rdoc (3.12.1)
      json (~> 1.4)
    recaptcha (0.3.5)
    rspec (2.6.0)
      rspec-core (~> 2.6.0)
      rspec-expectations (~> 2.6.0)
      rspec-mocks (~> 2.6.0)
    rspec-core (2.6.3)
    rspec-expectations (2.6.0)
      diff-lcs (~> 1.1.2)
    rspec-instafail (0.1.7)
    rspec-mocks (2.6.0)
    rspec-rails (2.6.1)
      actionpack (~> 3.0)
      activesupport (~> 3.0)
      railties (~> 3.0)
      rspec (~> 2.6.0)
    ruby-openid (2.2.3)
    ruby-progressbar (0.0.10)
    rubyzip (0.9.4)
    shoulda-matchers (1.0.0.beta2)
    simple-rss (1.2.3)
    spork (1.0.0rc3)
    spork-rails (3.2.1)
      rails (>= 3.0.0, < 3.3.0)
      spork (>= 1.0rc0)
    sqlite3 (1.3.3)
    sqlite3-ruby (1.3.3)
      sqlite3 (>= 1.3.3)
    thor (0.14.6)
    treetop (1.4.12)
      polyglot
      polyglot (>= 0.3.1)
    tzinfo (0.3.35)
    vpim (0.695)
    webrat (0.7.3)
      nokogiri (>= 1.2.0)
      rack (>= 1.0)
      rack-test (>= 0.5.3)
    whenever (0.8.2)
      activesupport (>= 2.3.4)
      chronic (>= 0.6.3)
    will_paginate (3.0.pre2)
    xml-simple (1.1.2)
    ya2yaml (0.30)
    yaml_db (0.2.1)
    yamler (0.1.0)

PLATFORMS
  ruby

DEPENDENCIES
  action_mailer_tls
  atom-tools
  attachment_fu!
  bigbluebutton-api-ruby!
  bigbluebutton_rails!
  chronic
  ci_reporter
  configatron
  delayed_job
  dynamic_form
  exception_notification
  factory_girl
  fckeditor
  feed-normalizer
  ffaker
  fuubar
  garb
  god (= 0.12.1)
  hoe
  hpricot
  htmlentities
  httparty
  jquery-rails (>= 0.2.6)
  mysql2 (~> 0.2.0)
  nokogiri (= 1.4.1)
  passenger (= 3.0.11)
  populator
  prism
  rails (~> 3.0.3)
  rails-footnotes
  rake (= 0.8.7)
  rcov
  recaptcha
  rmagick!
  rspec-instafail
  rspec-rails (~> 2.5)
  ruby-openid
  rubyzip
  shoulda-matchers
  spork-rails
  sqlite3-ruby
  table_helper!
  teambox-permalink_fu!
  translate-rails3!
  vpim
  webrat
  whenever
  will_paginate (~> 3.0.pre2)
  yaml_db
