GIT
  remote: git://github.com/fnando/i18n-js.git
  revision: 9fd4cc6de4601dc496e676521fcde78532a63ccf
  specs:
    i18n-js (3.0.0.rc6)
      i18n (~> 0.6)

GIT
  remote: git://github.com/mconf/bigbluebutton-api-ruby.git
  revision: 310c1764b33043e5b6460d33fc2004dd74342083
  branch: master
  specs:
    bigbluebutton-api-ruby (1.3.0)
      xml-simple (>= 1.1.1)

GIT
  remote: git://github.com/mconf/bigbluebutton_rails.git
  revision: f7201867c8c9715c43bb2eaf74596dcaf405329c
  branch: master
  specs:
    bigbluebutton_rails (2.0.0)
      bigbluebutton-api-ruby (~> 1.3.0)
      browser (~> 0.5.0)
      rails (>= 4.0.0)
      resque (~> 1.25.1)
      resque-scheduler (~> 3.0)

GIT
  remote: git://github.com/mconf/mweb_events.git
  revision: 769fa7fb451e602813f752d3eb8d45eb335e7002
  branch: master
  specs:
    mweb_events (0.0.1)
      bootstrap3-datetimepicker-rails (~> 3.1.3)
      cancancan (~> 1.9)
      coffee-rails (~> 4.0.0)
      compass-rails (~> 1.0)
      epic-editor-rails
      font-awesome-rails (~> 4.1.0.0)
      friendly_id
      geocoder
      haml
      haml-rails
      icalendar
      jquery-rails (~> 3.1.1)
      jquery-ui-rails
      leaflet-rails
      less-rails
      momentjs-rails (>= 2.8.1)
      rails (~> 4.1.4)
      redcarpet
      sass-rails (~> 4.0.3)
      select2-rails
      simple_form (~> 3.0.0)
      therubyracer
      twitter-bootstrap-rails
      valid_email

GIT
  remote: git://github.com/mconf/translate.git
  revision: 849ba4469953233cd3a569cf793901d8f018cda9
  specs:
    translate-rails3 (0.1.1)
      ya2yaml (~> 0.30)

GIT
  remote: https://github.com/Fire-Dragon-DoL/valid_email.git
  revision: 905122768d497218d395180ad05da611f6f9c87d
  specs:
    valid_email (0.1.0)
      activemodel
      mail

GIT
  remote: https://github.com/lfzawacki/psych.git
  revision: ed4b164b8d192b2b7bf663cba0fe5cdd1f7beef1
  branch: gemfile-style
  specs:
    psych (2.0.5.20140820161236)

GIT
  remote: https://github.com/sevenwire/forgery.git
  revision: b20bb0b99f0d9291d0704827ca86095bae20a192
  specs:
    forgery (0.6.0)

GEM
  remote: https://rubygems.org/
  specs:
    actionmailer (4.1.4)
      actionpack (= 4.1.4)
      actionview (= 4.1.4)
      mail (~> 2.5.4)
    actionpack (4.1.4)
      actionview (= 4.1.4)
      activesupport (= 4.1.4)
      rack (~> 1.5.2)
      rack-test (~> 0.6.2)
    actionview (4.1.4)
      activesupport (= 4.1.4)
      builder (~> 3.1)
      erubis (~> 2.7.0)
    activemodel (4.1.4)
      activesupport (= 4.1.4)
      builder (~> 3.1)
    activerecord (4.1.4)
      activemodel (= 4.1.4)
      activesupport (= 4.1.4)
      arel (~> 5.0.0)
    activesupport (4.1.4)
      i18n (~> 0.6, >= 0.6.9)
      json (~> 1.7, >= 1.7.7)
      minitest (~> 5.1)
      thread_safe (~> 0.1)
      tzinfo (~> 1.1)
    acts_as_tree (2.0.0)
      activerecord (>= 3.0.0)
    addressable (2.3.6)
    ansi (1.4.3)
    arel (5.0.1.20140414130214)
    bcrypt (3.1.7)
    better_errors (1.1.0)
      coderay (>= 1.0.0)
      erubis (>= 2.6.6)
    binding_of_caller (0.7.2)
      debug_inspector (>= 0.0.1)
    bootstrap3-datetimepicker-rails (3.1.3)
      momentjs-rails (>= 2.8.1)
    browser (0.5.0)
    builder (3.2.2)
    cancancan (1.9.1)
    capybara (2.4.1)
      mime-types (>= 1.16)
      nokogiri (>= 1.3.3)
      rack (>= 1.0.0)
      rack-test (>= 0.5.4)
      xpath (~> 2.0)
    carrierwave (0.10.0)
      activemodel (>= 3.2.0)
      activesupport (>= 3.2.0)
      json (>= 1.7)
      mime-types (>= 1.16)
    chronic (0.10.2)
    chunky_png (1.3.1)
    coderay (1.1.0)
    coffee-rails (4.0.1)
      coffee-script (>= 2.2.0)
      railties (>= 4.0.0, < 5.0)
    coffee-script (2.3.0)
      coffee-script-source
      execjs
    coffee-script-source (1.7.1)
    commonjs (0.2.7)
    compass (0.13.alpha.4)
      chunky_png (~> 1.2)
      listen (<= 0.9.9)
      sass (~> 3.2.5)
    compass-rails (1.1.7)
      compass (>= 0.12.2)
      sprockets (<= 2.11.0)
    configatron (2.13.0)
      yamler (>= 0.1.0)
    css_parser (1.3.5)
      addressable
    database_cleaner (1.3.0)
    debug_inspector (0.0.2)
    devise (3.2.4)
      bcrypt (~> 3.0)
      orm_adapter (~> 0.1)
      railties (>= 3.2.6, < 5)
      thread_safe (~> 0.1)
      warden (~> 1.2.3)
    devise-async (0.9.0)
      devise (~> 3.2)
    devise-encryptable (0.2.0)
      devise (>= 2.1.0)
    diff-lcs (1.2.5)
    docile (1.1.5)
    epic-editor-rails (0.2.3)
      railties (>= 3.2, < 5.0)
    erubis (2.7.0)
    exception_notification (4.0.1)
      actionmailer (>= 3.0.4)
      activesupport (>= 3.0.4)
    execjs (2.2.1)
    factory_girl (4.4.0)
      activesupport (>= 3.0.0)
    factory_girl_rails (4.4.1)
      factory_girl (~> 4.4.0)
      railties (>= 3.0.0)
    fineuploader-rails (3.3)
      actionpack (>= 3.1)
      railties (>= 3.1)
    font-awesome-rails (4.1.0.0)
      railties (>= 3.2, < 5.0)
    friendly_id (5.0.4)
      activerecord (>= 4.0.0)
    geocoder (1.2.5)
    haml (4.0.5)
      tilt
    haml-rails (0.5.3)
      actionpack (>= 4.0.1)
      activesupport (>= 4.0.1)
      haml (>= 3.1, < 5.0)
      railties (>= 4.0.1)
    handlebars_assets (0.17.1)
      execjs (>= 1.2.9)
      multi_json
      sprockets (>= 2.0.3)
      tilt
    hike (1.2.3)
    htmlentities (4.3.2)
    httparty (0.13.1)
      json (~> 1.8)
      multi_xml (>= 0.5.2)
    i18n (0.6.11)
    icalendar (2.1.1)
    jquery-rails (3.1.1)
      railties (>= 3.0, < 5.0)
      thor (>= 0.14, < 2.0)
    jquery-ui-rails (5.0.0)
      railties (>= 3.2.16)
    json (1.8.1)
    launchy (2.4.2)
      addressable (~> 2.3)
    leaflet-rails (0.7.4)
    less (2.5.1)
      commonjs (~> 0.2.7)
    less-rails (2.5.0)
      actionpack (>= 3.1)
      less (~> 2.5.0)
    libv8 (3.16.14.3)
    listen (0.7.3)
    mail (2.5.4)
      mime-types (~> 1.16)
      treetop (~> 1.4.8)
    mime-types (1.25.1)
    mini_portile (0.6.0)
    minitest (5.4.0)
    momentjs-rails (2.8.3)
      railties (>= 3.1)
    mono_logger (1.1.0)
    multi_json (1.10.1)
    multi_xml (0.5.5)
    mysql2 (0.3.16)
    net-ldap (0.6.1)
    nokogiri (1.6.2.1)
      mini_portile (= 0.6.0)
    orm_adapter (0.5.0)
    polyglot (0.3.5)
    populator (1.0.0)
    premailer (1.8.2)
      css_parser (>= 1.3.5)
      htmlentities (>= 4.0.0)
    premailer-rails (1.7.0)
      actionmailer (>= 3, < 5)
      premailer (~> 1.7, >= 1.7.9)
    prism (0.1.0)
      nokogiri
    public_activity (1.4.1)
      actionpack (>= 3.0.0)
      activerecord (>= 3.0)
      i18n (>= 0.5.0)
      railties (>= 3.0.0)
    quiet_assets (1.0.3)
      railties (>= 3.1, < 5.0)
    rabl (0.10.1)
      activesupport (>= 2.3.14)
    rack (1.5.2)
    rack-protection (1.5.3)
      rack
    rack-test (0.6.2)
      rack (>= 1.0)
    rails (4.1.4)
      actionmailer (= 4.1.4)
      actionpack (= 4.1.4)
      actionview (= 4.1.4)
      activemodel (= 4.1.4)
      activerecord (= 4.1.4)
      activesupport (= 4.1.4)
      bundler (>= 1.3.0, < 2.0)
      railties (= 4.1.4)
      sprockets-rails (~> 2.0)
    rails-footnotes (4.0.2)
      rails (>= 3.2)
    rails-observers (0.1.2)
      activemodel (~> 4.0)
    rails_autolink (1.1.6)
      rails (> 3.1)
    railties (4.1.4)
      actionpack (= 4.1.4)
      activesupport (= 4.1.4)
      rake (>= 0.8.7)
      thor (>= 0.18.1, < 2.0)
    rake (10.3.2)
    redcarpet (3.1.2)
    redis (3.1.0)
    redis-namespace (1.5.0)
      redis (~> 3.0, >= 3.0.4)
    ref (1.0.5)
    resque (1.25.2)
      mono_logger (~> 1.0)
      multi_json (~> 1.0)
      redis-namespace (~> 1.3)
      sinatra (>= 0.9.2)
      vegas (~> 0.1.2)
    resque-scheduler (3.0.0)
      mono_logger (~> 1.0)
      redis (~> 3.0)
      resque (~> 1.25)
      rufus-scheduler (~> 2.0)
    resque_mailer (2.2.6)
      actionmailer (>= 3.0)
    resque_spec (0.15.0)
      resque (>= 1.19.0)
      rspec-core (>= 2.5.0)
      rspec-expectations (>= 2.5.0)
      rspec-mocks (>= 2.5.0)
    rmagick (2.13.2)
    rspec-collection_matchers (1.0.0)
      rspec-expectations (>= 2.99.0.beta1)
    rspec-core (2.99.1)
    rspec-expectations (2.99.1)
      diff-lcs (>= 1.1.3, < 2.0)
    rspec-mocks (2.99.1)
    rspec-rails (2.99.0)
      actionpack (>= 3.0)
      activemodel (>= 3.0)
      activesupport (>= 3.0)
      railties (>= 3.0)
      rspec-collection_matchers
      rspec-core (~> 2.99.0)
      rspec-expectations (~> 2.99.0)
      rspec-mocks (~> 2.99.0)
    rubyzip (1.1.6)
    rufus-scheduler (2.0.24)
      tzinfo (>= 0.3.22)
    sass (3.2.19)
    sass-rails (4.0.3)
      railties (>= 4.0.0, < 5.0)
      sass (~> 3.2.0)
      sprockets (~> 2.8, <= 2.11.0)
      sprockets-rails (~> 2.0)
    select2-rails (3.5.9)
      thor (~> 0.14)
    shoulda-kept-assign-to (1.0.1)
      shoulda-matchers (>= 2.1.0)
    shoulda-matchers (2.6.1)
      activesupport (>= 3.0.0)
    simple_captcha2 (0.3.2)
      rails (>= 4.1)
    simple_form (3.0.2)
      actionpack (~> 4.0)
      activemodel (~> 4.0)
    simplecov (0.8.2)
      docile (~> 1.1.0)
      multi_json
      simplecov-html (~> 0.8.0)
    simplecov-html (0.8.0)
    sinatra (1.4.5)
      rack (~> 1.4)
      rack-protection (~> 1.4)
      tilt (~> 1.3, >= 1.3.4)
    sprockets (2.11.0)
      hike (~> 1.2)
      multi_json (~> 1.0)
      rack (~> 1.0)
      tilt (~> 1.1, != 1.3.0)
    sprockets-rails (2.1.3)
      actionpack (>= 3.0)
      activesupport (>= 3.0)
      sprockets (~> 2.8)
    sqlite3 (1.3.9)
    therubyracer (0.12.1)
      libv8 (~> 3.16.14.0)
      ref
    thor (0.19.1)
    thread_safe (0.3.4)
    tilt (1.4.1)
    treetop (1.4.15)
      polyglot
      polyglot (>= 0.3.1)
    turn (0.8.2)
      ansi (>= 1.2.2)
    twitter-bootstrap-rails (2.2.8)
      actionpack (>= 3.1)
      execjs
      rails (>= 3.1)
      railties (>= 3.1)
    tzinfo (1.2.1)
      thread_safe (~> 0.1)
    uglifier (2.5.1)
      execjs (>= 0.3.0)
      json (>= 1.8.0)
    vegas (0.1.11)
      rack (>= 1.0.0)
    vpim (13.11.11)
    warden (1.2.3)
      rack (>= 1.0)
    webrat (0.7.3)
      nokogiri (>= 1.2.0)
      rack (>= 1.0)
      rack-test (>= 0.5.3)
    webrick (1.3.1)
    whenever (0.9.2)
      activesupport (>= 2.3.4)
      chronic (>= 0.6.3)
    will_paginate (3.0.7)
    xml-simple (1.1.4)
    xpath (2.0.0)
      nokogiri (~> 1.3)
    ya2yaml (0.31)
    yajl-ruby (1.2.1)
    yamler (0.1.0)
    yui-compressor (0.12.0)

PLATFORMS
  ruby

DEPENDENCIES
  acts_as_tree (~> 2.0.0)
  better_errors
  bigbluebutton-api-ruby!
  bigbluebutton_rails!
  binding_of_caller
  bootstrap3-datetimepicker-rails (~> 3.1.3)
  cancancan (~> 1.9)
  capybara
  carrierwave (~> 0.10.0)
  chronic
  coffee-rails (~> 4.0.0)
  compass (~> 0.13.alpha)
  compass-rails (~> 1.0)
  configatron (~> 2.13.0)
  database_cleaner
  devise (~> 3.2.4)
  devise-async
  devise-encryptable
  exception_notification (~> 4.0.0)
  factory_girl_rails
  fineuploader-rails (~> 3.3)
  font-awesome-rails (~> 4.1.0.0)
  forgery!
  friendly_id
  haml
  handlebars_assets
  htmlentities
  httparty
  i18n-js!
  icalendar
  jquery-rails (~> 3.1.1)
  launchy
  less-rails
  momentjs-rails (>= 2.8.1)
  mweb_events!
  mysql2 (~> 0.3.0)
  net-ldap
  nokogiri
  populator
  premailer-rails
  prism
  psych!
  public_activity (~> 1.4.1)
  quiet_assets
  rabl
  rails (~> 4.1.4)
  rails-footnotes
  rails-observers
  rails_autolink (~> 1.1.0)
  rake
  resque
  resque-scheduler
  resque_mailer
  resque_spec
  rmagick
  rspec-mocks
  rspec-rails (~> 2.99.0)
  rubyzip
  sass-rails (~> 4.0.3)
  select2-rails
  shoulda-kept-assign-to
  shoulda-matchers (~> 2.6.1)
  simple_captcha2
  simple_form (~> 3.0.0)
  simplecov
  sqlite3
  therubyracer
  translate-rails3!
  turn (= 0.8.2)
  twitter-bootstrap-rails (~> 2.2.8)
  uglifier (>= 1.0.3)
  valid_email!
  vpim
  webrat
  webrick (~> 1.3.1)
  whenever
  will_paginate
  yajl-ruby
  yui-compressor
